GIT
  remote: git://github.com/cinchrb/cinch
  revision: 9ab8eaec6acb0af4e857f3653426d270bad4df3b
  branch: v2.0.0
  specs:
    cinch (2.0.0)

GEM
  remote: http://rubygems.org/
  specs:
    activemodel (3.2.6)
      activesupport (= 3.2.6)
      builder (~> 3.0.0)
    activerecord (3.2.6)
      activemodel (= 3.2.6)
      activesupport (= 3.2.6)
      arel (~> 3.0.2)
      tzinfo (~> 0.3.29)
    activesupport (3.2.6)
      i18n (~> 0.6)
      multi_json (~> 1.0)
    addressable (2.2.8)
    arel (3.0.2)
    builder (3.0.0)
    excon (0.14.0)
    faraday (0.7.6)
      addressable (~> 2.2)
      multipart-post (~> 1.1)
      rack (~> 1.1)
    geoplanet (0.2.6)
      json (>= 1.1.3)
      rest-client (>= 0.9)
    heroku (2.27.3)
      heroku-api (~> 0.2.5)
      launchy (>= 0.3.2)
      netrc (~> 0.7.4)
      rest-client (~> 1.6.1)
      rubyzip
    heroku-api (0.2.5)
      excon (~> 0.14.0)
    hpricot (0.8.6)
    i18n (0.6.0)
    json (1.6.5)
    launchy (2.1.0)
      addressable (~> 2.2.6)
    mime-types (1.18)
    multi_json (1.3.6)
    multipart-post (1.1.5)
    netrc (0.7.4)
    nokogiri (1.5.0)
    pg (0.13.1)
    rack (1.4.1)
    rake (0.8.7)
    rest-client (1.6.7)
      mime-types (>= 1.16)
    rockstar (0.6.4)
      activesupport (>= 1.4.2)
      activesupport (>= 1.4.2)
      hpricot (>= 0.4.86)
      hpricot (>= 0.4.86)
      i18n
      rake
    rubyzip (0.9.9)
    simple_oauth (0.1.5)
    twitter (2.1.0)
      activesupport (>= 2.3.9, < 4)
      faraday (~> 0.7)
      multi_json (~> 1.0)
      simple_oauth (~> 0.1)
    tzinfo (0.3.33)
    yahoo_weatherman (1.1.4)
      nokogiri

PLATFORMS
  ruby

DEPENDENCIES
  activerecord
  cinch!
  geoplanet
  heroku
  pg
  rake
  rockstar
  twitter
  yahoo_weatherman
